GEM
  remote: https://rubygems.org/
  specs:
    rack (3.1.7)

PLATFORMS
  x64-mingw-ucrt

DEPENDENCIES
  rack

BUNDLED WITH
   2.5.19
